PATH
  remote: .
  specs:
    dry-request (0.1.0)
      rack (~> 2.0)

GEM
  remote: https://rubygems.org/
  specs:
    diff-lcs (1.3)
    rack (2.0.6)
    rack-test (1.1.0)
      rack (>= 1.0, < 3)
    rake (10.5.0)
    rspec (3.8.0)
      rspec-core (~> 3.8.0)
      rspec-expectations (~> 3.8.0)
      rspec-mocks (~> 3.8.0)
    rspec-core (3.8.0)
      rspec-support (~> 3.8.0)
    rspec-expectations (3.8.2)
      diff-lcs (>= 1.2.0, < 2.0)
      rspec-support (~> 3.8.0)
    rspec-mocks (3.8.0)
      diff-lcs (>= 1.2.0, < 2.0)
      rspec-support (~> 3.8.0)
    rspec-support (3.8.0)

PLATFORMS
  ruby

DEPENDENCIES
  bundler (~> 1.17)
  dry-request!
  rack-test (~> 1.1)
  rake (~> 10.0)
  rspec (~> 3.0)

BUNDLED WITH
   1.17.2
